GEM
  remote: http://rubygems.org/
  specs:
    activesupport (3.0.1)
    addressable (2.2.2)
    builder (3.0.0)
    cgi_multipart_eof_fix (2.5.0)
    character-encodings (0.4.1)
    curb (0.7.8)
    daemons (1.1.0)
    fastthread (1.0.7)
    feedzirra (0.0.24)
      activesupport (>= 2.3.8)
      builder (>= 2.1.2)
      curb (>= 0.2.3)
      loofah (>= 0.3.1)
      nokogiri (> 0.0.0)
      sax-machine (>= 0.0.12)
    gem_plugin (0.2.3)
    hpricot (0.6)
    htmlentities (4.0.0)
    htmltools (1.10)
    libxml-ruby (1.1.4)
    loofah (1.0.0)
      nokogiri (>= 1.3.3)
    mkrf (0.2.3)
    mongrel (1.1.5)
      cgi_multipart_eof_fix (>= 2.4)
      daemons (>= 1.0.3)
      fastthread (>= 1.0.1)
      gem_plugin (>= 0.2.3)
    nokogiri (1.4.4)
    rchardet (1.3)
    rfeedparser (0.9.951)
      addressable (>= 1.0.4)
      character-encodings (>= 0.2.0)
      hpricot (= 0.6)
      htmlentities (= 4.0.0)
      htmltools (>= 1.10)
      mongrel (>= 1.0.1)
      rchardet (>= 1.1)
    sax-machine (0.0.15)
      nokogiri (> 0.0.0)
    simple-rss (1.2.3)
    syndication (0.6.3)
    xmlparser (0.6.81)
      mkrf (>= 0.2.1)

PLATFORMS
  ruby

DEPENDENCIES
  feedzirra
  libxml-ruby
  rfeedparser
  simple-rss
  syndication
  xmlparser
