GEM
  remote: http://rubygems.org/
  specs:
    addressable (2.2.2)
    cgi_multipart_eof_fix (2.5.0)
    character-encodings (0.4.1)
    daemons (1.1.0)
    fastthread (1.0.7)
    gem_plugin (0.2.3)
    hpricot (0.6)
    htmlentities (4.0.0)
    htmltools (1.10)
    libxml-ruby (1.1.4)
    mkrf (0.2.3)
    mongrel (1.1.5)
      cgi_multipart_eof_fix (>= 2.4)
      daemons (>= 1.0.3)
      fastthread (>= 1.0.1)
      gem_plugin (>= 0.2.3)
    rchardet (1.3)
    rfeedparser (0.9.951)
      addressable (>= 1.0.4)
      character-encodings (>= 0.2.0)
      hpricot (= 0.6)
      htmlentities (= 4.0.0)
      htmltools (>= 1.10)
      mongrel (>= 1.0.1)
      rchardet (>= 1.1)
    simple-rss (1.2.3)
    syndication (0.6.3)
    xmlparser (0.6.81)
      mkrf (>= 0.2.1)

PLATFORMS
  ruby

DEPENDENCIES
  libxml-ruby
  rfeedparser
  simple-rss
  syndication
  xmlparser
